GEM
  remote: https://rubygems.org/
  specs:
    coderay (1.1.1)
    json (2.3.0)
    method_source (0.8.2)
    pry (0.10.4)
      coderay (~> 1.1.0)
      method_source (~> 0.8.1)
      slop (~> 3.4)
    rack (2.2.14)
    rack-protection (1.5.5)
      rack
    rainbow (2.1.0)
    sinatra (2.2.3)
      rack (>=2.2.14)
      rack-protection (~> 1.4)
      tilt (>= 1.3, < 3)
    slop (3.6.0)
    tilt (2.0.5)

PLATFORMS
  ruby

DEPENDENCIES
  json
  pry
  rainbow
  sinatra

BUNDLED WITH
   1.12.5
